GEM
  remote: http://rubygems.org/
  specs:
    ast (2.2.0)
    minitest (5.8.4)
    parser (2.3.0.7)
      ast (~> 2.2)
    powerpack (0.1.1)
    rainbow (2.1.0)
    rake (11.1.2)
    rubocop (0.39.0)
      parser (>= 2.3.0.7, < 3.0)
      powerpack (~> 0.1)
      rainbow (>= 1.99.1, < 3.0)
      ruby-progressbar (~> 1.7)
      unicode-display_width (~> 1.0, >= 1.0.1)
    ruby-progressbar (1.7.5)
    timecop (0.8.0)
    unicode-display_width (1.0.2)

PLATFORMS
  ruby
  x86-mingw32

DEPENDENCIES
  minitest
  rake
  rubocop
  timecop

BUNDLED WITH
   1.11.2
