GEM
  remote: http://rubygems.org/
  specs:
    minitest (5.8.4)
    rake (10.5.0)
    timecop (0.8.0)

PLATFORMS
  ruby
  x86-mingw32

DEPENDENCIES
  minitest
  rake
  timecop

BUNDLED WITH
   1.11.2
